GEM
  remote: http://rubygems.org/
  specs:
    adsf (1.4.5)
      rack (>= 1.0.0, < 3.0.0)
    builder (3.2.4)
    coderay (1.1.3)
    concurrent-ruby (1.1.8)
    cri (2.15.11)
    ddmemoize (1.0.0)
      ddmetrics (~> 1.0)
      ref (~> 2.0)
    ddmetrics (1.0.1)
    ddplugin (1.0.3)
    diff-lcs (1.4.4)
    ffi (1.15.0)
    formatador (0.2.5)
    guard (2.16.2)
      formatador (>= 0.2.4)
      listen (>= 2.7, < 4.0)
      lumberjack (>= 1.0.12, < 2.0)
      nenv (~> 0.1)
      notiffany (~> 0.0)
      pry (>= 0.9.12)
      shellany (~> 0.0)
      thor (>= 0.18.1)
    guard-compat (1.2.1)
    guard-nanoc (2.1.9)
      guard (~> 2.8)
      guard-compat (~> 1.0)
      nanoc-cli (~> 4.11, >= 4.11.14)
      nanoc-core (~> 4.11, >= 4.11.14)
    haml (5.2.1)
      temple (>= 0.8.0)
      tilt
    hamster (3.0.0)
      concurrent-ruby (~> 1.0)
    json_schema (0.21.0)
    kramdown (2.3.1)
      rexml
    listen (3.5.1)
      rb-fsevent (~> 0.10, >= 0.10.3)
      rb-inotify (~> 0.9, >= 0.9.10)
    lumberjack (1.2.8)
    method_source (1.0.0)
    mini_portile2 (2.5.1)
    nanoc (3.8.0)
      cri (~> 2.3)
    nanoc-cli (4.12.1)
      cri (~> 2.15)
      diff-lcs (~> 1.3)
      nanoc-core (= 4.12.1)
      zeitwerk (~> 2.1)
    nanoc-core (4.12.1)
      concurrent-ruby (~> 1.1)
      ddmemoize (~> 1.0)
      ddmetrics (~> 1.0)
      ddplugin (~> 1.0)
      hamster (~> 3.0)
      json_schema (~> 0.19)
      slow_enumerator_tools (~> 1.0)
      tty-platform (~> 0.2)
      zeitwerk (~> 2.1)
    nenv (0.3.0)
    nokogiri (1.11.3)
      mini_portile2 (~> 2.5.0)
      racc (~> 1.4)
    notiffany (0.1.3)
      nenv (~> 0.1)
      shellany (~> 0.0)
    pry (0.14.1)
      coderay (~> 1.1)
      method_source (~> 1.0)
    pygments.rb (2.2.0)
    racc (1.5.2)
    rack (2.2.6.2)
    rake (13.0.3)
    rb-fsevent (0.10.4)
    rb-inotify (0.10.1)
      ffi (~> 1.0)
    ref (2.0.0)
    rexml (3.2.5)
    shellany (0.0.1)
    slow_enumerator_tools (1.1.0)
    temple (0.8.2)
    thor (1.1.0)
    tilt (2.0.10)
    tty-platform (0.3.0)
    zeitwerk (2.4.2)

PLATFORMS
  ruby

DEPENDENCIES
  adsf
  builder
  coderay
  guard-nanoc
  haml
  kramdown
  nanoc (= 3.8.0)
  nokogiri
  pygments.rb
  rake

BUNDLED WITH
   2.2.6
